GEM
  remote: http://rubygems.org/
  specs:
    crack (0.4.2)
      safe_yaml (~> 1.0.0)
    docile (1.1.3)
    httparty (0.10.2)
      multi_json (~> 1.0)
      multi_xml (>= 0.5.2)
    json (1.8.1)
    linode (0.7.10)
      crack (>= 0.3.1)
      httparty
      httparty (>= 0.4.4)
      json
    multi_json (1.8.4)
    multi_xml (0.5.3)
    net-scp (1.1.2)
      net-ssh (>= 2.6.5)
    net-ssh (2.7.0)
    safe_yaml (1.0.1)
    sshkit (1.3.0)
      net-scp (>= 1.1.2)
      net-ssh
      term-ansicolor
    term-ansicolor (1.3.0)
      tins (~> 1.0)
    tins (1.0.0)

PLATFORMS
  ruby

DEPENDENCIES
  docile
  httparty
  linode
  net-ssh (= 2.7.0)
  sshkit
